GEM
  remote: https://rubygems.org/
  specs:
    equatable (0.5.0)
    ffi (1.14.2)
    listen (3.1.5)
      rb-fsevent (~> 0.9, >= 0.9.4)
      rb-inotify (~> 0.9, >= 0.9.7)
      ruby_dep (~> 1.2)
    pastel (0.7.1)
      equatable (~> 0.5.0)
      tty-color (~> 0.4.0)
    rb-fsevent (0.9.8)
    rb-inotify (0.9.8)
      ffi (>= 0.5.0)
    rerun (0.11.0)
      listen (~> 3.0)
    ruby_dep (1.3.1)
    tty-color (0.4.2)
    tty-command (0.3.3)
      pastel (~> 0.7.0)

PLATFORMS
  ruby

DEPENDENCIES
  pastel
  rerun
  tty-command

BUNDLED WITH
   1.14.3
